GEM
  remote: https://rubygems.org/
  specs:
    colorize (1.1.0)
    rake (13.2.1)

PLATFORMS
  arm64-darwin-23
  ruby

DEPENDENCIES
  colorize
  rake

BUNDLED WITH
   2.6.2
