GEM
  remote: https://rubygems.org/
  specs:
    colorize (1.1.0)
    rake (13.0.6)

PLATFORMS
  ruby

DEPENDENCIES
  colorize
  rake

BUNDLED WITH
   2.3.26
